GEM
  remote: http://rubygems.org/
  specs:
    diff-lcs (1.2.5)
    hike (1.2.3)
    multi_json (1.10.1)
    rack (1.5.2)
    rspec (3.1.0)
      rspec-core (~> 3.1.0)
      rspec-expectations (~> 3.1.0)
      rspec-mocks (~> 3.1.0)
    rspec-core (3.1.6)
      rspec-support (~> 3.1.0)
    rspec-expectations (3.1.2)
      diff-lcs (>= 1.2.0, < 2.0)
      rspec-support (~> 3.1.0)
    rspec-mocks (3.1.3)
      rspec-support (~> 3.1.0)
    rspec-support (3.1.2)
    sass (3.4.5)
    sprockets (2.12.2)
      hike (~> 1.2)
      multi_json (~> 1.0)
      rack (~> 1.0)
      tilt (~> 1.1, != 1.3.0)
    tic_tac_toe_core (0.0.1)
    tilt (1.4.1)

PLATFORMS
  ruby

DEPENDENCIES
  rack (~> 1.5.2)
  rspec (~> 3.1.0)
  sass (~> 3.4.5)
  sprockets (~> 2.12.2)
  tic_tac_toe_core (= 0.0.1)
  tilt
